GEM
  remote: https://rubygems.org/
  specs:
    coderay (1.1.1)
    json (1.8.1)
    method_source (0.8.2)
    minitest (5.9.0)
    pry (0.10.3)
      coderay (~> 1.1.0)
      method_source (~> 0.8.1)
      slop (~> 3.4)
    rack (1.6.0)
    sinatra (1.1.0)
      rack (~> 1.1)
      tilt (~> 1.1)
    slop (3.6.0)
    tilt (1.4.1)

PLATFORMS
  ruby

DEPENDENCIES
  json
  minitest
  pry
  sinatra (= 1.1.0)

BUNDLED WITH
   1.11.2
